GEM
  remote: https://rubygems.org/
  specs:
    awesome_print (1.8.0)
    net-scp (3.0.0)
      net-ssh (>= 2.6.5, < 7.0.0)
    net-ssh (6.1.0)
    rake (13.0.3)
    sshkit (1.21.0)
      net-scp (>= 1.1.2)
      net-ssh (>= 2.8.0)

PLATFORMS
  ruby

DEPENDENCIES
  awesome_print!
  rake!
  sshkit!

BUNDLED WITH
   2.1.4
